ObjectType = Image
NDims = 3
BinaryData = True
BinaryDataByteOrderMSB = False
CompressedData = False
TransformMatrix = 1 0 0 0 1 0 0 0 1
Offset = 0 0 0
CenterOfRotation = 0 0 0
ElementSpacing = 0.117188 0.117188 0.5
DimSize = 128 128 26
AnatomicalOrientation = RAI
ElementType = MET_FLOAT
ElementDataFile = Template_24h_SUM20echoes.raw
